PATH
  remote: .
  specs:
    redis-dump (0.2.0)
      drydock (>= 0.6.9)
      redis (>= 2.0)
      uri-redis (>= 0.4.0)
      yajl-ruby (>= 0.1)

GEM
  remote: http://rubygems.org/
  specs:
    drydock (0.6.9)
    redis (2.2.2)
    uri-redis (0.4.2)
    yajl-ruby (1.1.0)

PLATFORMS
  ruby

DEPENDENCIES
  redis-dump!
